GEM
  remote: https://rubygems.org/
  specs:
    activemodel (4.2.0)
      activesupport (= 4.2.0)
      builder (~> 3.1)
    activerecord (4.2.0)
      activemodel (= 4.2.0)
      activesupport (= 4.2.0)
      arel (~> 6.0)
    activesupport (4.2.0)
      i18n (~> 0.7)
      json (~> 1.7, >= 1.7.7)
      minitest (~> 5.1)
      thread_safe (~> 0.3, >= 0.3.4)
      tzinfo (~> 1.1)
    arel (6.0.0)
    aruba (0.6.2)
      childprocess (>= 0.3.6)
      cucumber (>= 1.1.1)
      rspec-expectations (>= 2.7.0)
    builder (3.2.2)
    childprocess (0.5.5)
      ffi (~> 1.0, >= 1.0.11)
    coveralls (0.7.10)
      multi_json (~> 1.10)
      rest-client (>= 1.6.8, < 2)
      simplecov (~> 0.9.1)
      term-ansicolor (~> 1.3)
      thor (~> 0.19.1)
    cucumber (1.3.19)
      builder (>= 2.1.2)
      diff-lcs (>= 1.1.3)
      gherkin (~> 2.12)
      multi_json (>= 1.7.5, < 2.0)
      multi_test (>= 0.1.2)
    database_cleaner (1.4.0)
    diff-lcs (1.2.5)
    docile (1.1.5)
    ffi (1.9.6)
    gherkin (2.12.2)
      multi_json (~> 1.3)
    i18n (0.7.0)
    json (1.8.2)
    mime-types (2.4.3)
    minitest (5.5.1)
    multi_json (1.10.1)
    multi_test (0.1.2)
    netrc (0.10.2)
    rake (10.4.2)
    rest-client (1.7.2)
      mime-types (>= 1.16, < 3.0)
      netrc (~> 0.7)
    rspec (3.2.0)
      rspec-core (~> 3.2.0)
      rspec-expectations (~> 3.2.0)
      rspec-mocks (~> 3.2.0)
    rspec-core (3.2.0)
      rspec-support (~> 3.2.0)
    rspec-expectations (3.2.0)
      diff-lcs (>= 1.2.0, < 2.0)
      rspec-support (~> 3.2.0)
    rspec-mocks (3.2.0)
      diff-lcs (>= 1.2.0, < 2.0)
      rspec-support (~> 3.2.0)
    rspec-support (3.2.1)
    simplecov (0.9.2)
      docile (~> 1.1.0)
      multi_json (~> 1.0)
      simplecov-html (~> 0.9.0)
    simplecov-html (0.9.0)
    sqlite3 (1.3.10)
    term-ansicolor (1.3.0)
      tins (~> 1.0)
    thor (0.19.1)
    thread_safe (0.3.4)
    tins (1.3.4)
    tzinfo (1.2.2)
      thread_safe (~> 0.1)

PLATFORMS
  ruby

DEPENDENCIES
  activerecord (= 4.2.0)
  aruba (= 0.6.2)
  coveralls
  cucumber (= 1.3.19)
  database_cleaner (= 1.4.0)
  rake (= 10.4.2)
  rest-client (= 1.7.2)
  rspec (= 3.2.0)
  simplecov (= 0.9.2)
  sqlite3 (= 1.3.10)
